GEM
  remote: https://rubygems.org/
  specs:
    lorem (0.1.2)
    rack (1.6.0)

PLATFORMS
  ruby

DEPENDENCIES
  lorem
  rack
